GEM
  remote: http://rubygems.org/
  specs:
    SystemTimer (1.2.3)
    addressable (2.2.6)
    coffee-script (2.2.0)
      coffee-script-source
      execjs
    coffee-script-source (1.2.0)
    daemons (1.1.6)
    eventmachine (0.12.10)
    execjs (1.3.0)
      multi_json (~> 1.0)
    faraday (0.7.6)
      addressable (~> 2.2)
      multipart-post (~> 1.1)
      rack (~> 1.1)
    foreman (0.39.0)
      term-ansicolor (~> 1.0.7)
      thor (>= 0.13.6)
    hike (1.2.1)
    json (1.6.5)
    metaclass (0.0.1)
    mime-types (1.17.2)
    mocha (0.11.1)
      metaclass (~> 0.0.1)
    multi_json (1.0.4)
    multipart-post (1.1.4)
    mustache (0.99.4)
    oauth2 (0.5.2)
      faraday (~> 0.7)
      multi_json (~> 1.0)
    pusher (0.9.2)
      multi_json (~> 1.0)
      ruby-hmac (~> 0.4.0)
      signature (~> 0.1.2)
    rack (1.3.6)
    rack-protection (1.2.0)
      rack
    rack-test (0.6.1)
      rack (>= 1.0)
    rake (0.9.2.2)
    rb-appscript (0.6.1)
    redis (2.2.2)
    rest-client (1.6.7)
      mime-types (>= 1.16)
    ruby-hmac (0.4.0)
    sass (3.1.12)
    shotgun (0.9)
      rack (>= 1.0)
    signature (0.1.2)
      ruby-hmac
    sinatra (1.3.2)
      rack (~> 1.3, >= 1.3.6)
      rack-protection (~> 1.2)
      tilt (~> 1.3, >= 1.3.3)
    sinatra_auth_github (0.3.1)
      rest-client (~> 1.6.1)
      sinatra (~> 1.0)
      warden-github (~> 0.3.0)
      yajl-ruby (~> 1.1)
    sprockets (2.3.0)
      hike (~> 1.2)
      multi_json (~> 1.0)
      rack (~> 1.0)
      tilt (~> 1.1, != 1.3.0)
    term-ansicolor (1.0.7)
    thin (1.3.1)
      daemons (>= 1.0.9)
      eventmachine (>= 0.12.6)
      rack (>= 1.0.0)
    thor (0.14.6)
    tilt (1.3.3)
    warden (1.1.0)
      rack (>= 1.0)
    warden-github (0.3.1)
      json (~> 1.5)
      oauth2 (~> 0.5.2)
      warden (~> 1.0)
    yajl-ruby (1.1.0)

PLATFORMS
  ruby

DEPENDENCIES
  SystemTimer (~> 1.2.3)
  coffee-script
  foreman
  mocha (~> 0.11.1)
  mustache (~> 0.99.4)
  pusher
  rack (~> 1.3.0)
  rack-test
  rake (~> 0.9.2.1)
  rb-appscript
  redis
  sass (~> 3.1)
  shotgun
  sinatra
  sinatra_auth_github (~> 0.3.0)
  sprockets
  thin
  yajl-ruby
