GEM
  remote: http://rubygems.org/
  specs:
    SystemTimer (1.2.3)
    addressable (2.3.3)
    coffee-script (2.2.0)
      coffee-script-source
      execjs
    coffee-script-source (1.2.0)
    daemons (1.1.6)
    eventmachine (0.12.10)
    execjs (1.3.0)
      multi_json (~> 1.0)
    faraday (0.8.7)
      multipart-post (~> 1.1)
    faraday_middleware (0.9.0)
      faraday (>= 0.7.4, < 0.9)
    foreman (0.39.0)
      term-ansicolor (~> 1.0.7)
      thor (>= 0.13.6)
    hashie (2.0.3)
    hike (1.2.1)
    metaclass (0.0.1)
    mocha (0.11.1)
      metaclass (~> 0.0.1)
    multi_json (1.3.6)
    multipart-post (1.2.0)
    mustache (0.99.4)
    netrc (0.7.7)
    octokit (1.24.0)
      addressable (~> 2.2)
      faraday (~> 0.8)
      faraday_middleware (~> 0.9)
      hashie (~> 2.0)
      multi_json (~> 1.3)
      netrc (~> 0.7.7)
    pusher (0.9.2)
      multi_json (~> 1.0)
      ruby-hmac (~> 0.4.0)
      signature (~> 0.1.2)
    rack (1.3.6)
    rack-protection (1.2.0)
      rack
    rack-test (0.6.1)
      rack (>= 1.0)
    rake (0.9.2.2)
    rb-appscript (0.6.1)
    redis (2.2.2)
    ruby-hmac (0.4.0)
    sass (3.1.12)
    shotgun (0.9)
      rack (>= 1.0)
    signature (0.1.2)
      ruby-hmac
    sinatra (1.3.2)
      rack (~> 1.3, >= 1.3.6)
      rack-protection (~> 1.2)
      tilt (~> 1.3, >= 1.3.3)
    sinatra_auth_github (0.13.3)
      sinatra (~> 1.0)
      warden-github (~> 0.13.1)
    sprockets (2.3.0)
      hike (~> 1.2)
      multi_json (~> 1.0)
      rack (~> 1.0)
      tilt (~> 1.1, != 1.3.0)
    term-ansicolor (1.0.7)
    thin (1.3.1)
      daemons (>= 1.0.9)
      eventmachine (>= 0.12.6)
      rack (>= 1.0.0)
    thor (0.14.6)
    tilt (1.3.3)
    warden (1.2.1)
      rack (>= 1.0)
    warden-github (0.13.2)
      octokit (>= 1.22.0)
      warden (> 1.0)
    yajl-ruby (1.1.0)

PLATFORMS
  ruby

DEPENDENCIES
  SystemTimer (~> 1.2.3)
  coffee-script
  foreman
  mocha (~> 0.11.1)
  mustache (~> 0.99.4)
  pusher
  rack (~> 1.3.0)
  rack-test
  rake (~> 0.9.2.1)
  rb-appscript
  redis
  sass (~> 3.1)
  shotgun
  sinatra
  sinatra_auth_github (~> 0.13.3)
  sprockets
  thin
  yajl-ruby
