GEM
  remote: http://rubygems.org/
  specs:
    SystemTimer (1.2.3)
    activemodel (3.1.1)
      activesupport (= 3.1.1)
      builder (~> 3.0.0)
      i18n (~> 0.6)
    activerecord (3.1.1)
      activemodel (= 3.1.1)
      activesupport (= 3.1.1)
      arel (~> 2.2.1)
      tzinfo (~> 0.3.29)
    activesupport (3.1.1)
      multi_json (~> 1.0)
    addressable (2.2.6)
    apetag (1.1.2)
      cicphash (>= 1.0.0)
    arel (2.2.1)
    builder (3.0.0)
    cicphash (1.0.0)
    faraday (0.7.5)
      addressable (~> 2.2.6)
      multipart-post (~> 1.1.3)
      rack (>= 1.1.0, < 2)
    flacinfo-rb (0.4)
    fssm (0.2.7)
    i18n (0.6.0)
    kgio (2.6.0)
    metaclass (0.0.1)
    mocha (0.10.0)
      metaclass (~> 0.0.1)
    mp4info (1.7.3)
    multi_json (1.0.3)
    multi_xml (0.4.1)
    multipart-post (1.1.3)
    mustache (0.99.3)
    mysql2 (0.3.7)
    oa-core (0.3.2)
    oa-oauth (0.3.2)
      faraday (~> 0.7.3)
      multi_json (~> 1.0.0)
      multi_xml (~> 0.4.0)
      oa-core (= 0.3.2)
      oauth (~> 0.4.0)
      oauth2 (~> 0.5.0)
    oauth (0.4.5)
    oauth2 (0.5.1)
      faraday (~> 0.7.4)
      multi_json (~> 1.0.3)
    rack (1.3.5)
    rack-protection (1.1.4)
      rack
    rack-test (0.6.1)
      rack (>= 1.0)
    raindrops (0.8.0)
    rake (0.9.2.2)
    randumb (0.1.4)
    rb-fsevent (0.4.3.1)
    ruby-audioinfo (0.1.7)
      apetag (= 1.1.2)
      flacinfo-rb (>= 0.4)
      mp4info (>= 1.7.3)
      ruby-mp3info (>= 0.6.3)
      ruby-ogginfo (>= 0.3.1)
      wmainfo-rb (>= 0.5)
    ruby-mp3info (0.6.15)
    ruby-ogginfo (0.6.5)
    running_man (0.3.0)
    sinatra (1.3.1)
      rack (~> 1.3, >= 1.3.4)
      rack-protection (~> 1.1, >= 1.1.2)
      tilt (~> 1.3, >= 1.3.3)
    sqlite3 (1.3.4)
    tilt (1.3.3)
    tzinfo (0.3.30)
    unicorn (4.1.1)
      kgio (~> 2.4)
      rack
      raindrops (~> 0.6)
    wmainfo-rb (0.6)
    yajl-ruby (1.0.0)

PLATFORMS
  ruby

DEPENDENCIES
  SystemTimer (~> 1.2.3)
  activerecord
  fssm
  mocha
  mustache (= 0.99.3)
  mysql2 (~> 0.3.7)
  oa-oauth
  rack (~> 1.3.0)
  rack-test
  rake (~> 0.9.2.1)
  randumb
  rb-fsevent
  ruby-audioinfo
  running_man
  sinatra
  sqlite3
  unicorn (~> 4.1.0)
  yajl-ruby
